GEM
  remote: http://rubygems.org/
  specs:
    activerecord-jdbc-adapter (1.2.0)
    activerecord-jdbcsqlite3-adapter (1.2.0)
      activerecord-jdbc-adapter (~> 1.2.0)
      jdbc-sqlite3 (~> 3.7.2)
    bouncy-castle-java (1.5.0146.1)
    jdbc-sqlite3 (3.7.2)
    jruby-openssl (0.7.4)
      bouncy-castle-java
    rake (0.9.2)
    rdoc (3.9.4)
    riot (0.12.5)
      rr
    rr (1.0.4)
    sequel (3.27.0)
    sqlite3 (1.3.4)

PLATFORMS
  java
  ruby

DEPENDENCIES
  activerecord-jdbcsqlite3-adapter
  jdbc-sqlite3
  jruby-openssl
  rake
  rdoc
  riot
  sequel (~> 3.23)
  sqlite3 (~> 1.3)
