GEM
  remote: http://rubygems.org/
  specs:
    cri (2.0.2)
    haml (3.1.3)
    kramdown (0.13.3)
    nanoc (3.2.2)
      nanoc3 (>= 3.2.2)
    nanoc3 (3.2.2)
      cri (~> 2.0)

PLATFORMS
  ruby

DEPENDENCIES
  haml
  kramdown
  nanoc
